GEM
  remote: https://rubygems.org/
  specs:
    base64 (0.2.0)
    logger (1.7.0)
    rexml (3.4.1)
    rubyzip (2.4.1)
    selenium-webdriver (4.32.0)
      base64 (~> 0.2)
      logger (~> 1.4)
      rexml (~> 3.2, >= 3.2.5)
      rubyzip (>= 1.2.2, < 3.0)
      websocket (~> 1.0)
    websocket (1.2.11)

PLATFORMS
  aarch64-linux-gnu
  aarch64-linux-musl
  arm-linux-gnu
  arm-linux-musl
  arm64-darwin
  x86_64-darwin
  x86_64-linux-gnu
  x86_64-linux-musl

DEPENDENCIES
  selenium-webdriver (~> 4.32)

BUNDLED WITH
   2.6.8
